PATH
  remote: .
  specs:
    the_dude-ssh (0.0.1)
      net-ssh

PATH
  remote: ~/Projects/Development/Open Source/Ruby/Gems/TheDude/source/
  specs:
    the_dude (0.0.3)
      colored
      hirb
      nokogiri

GEM
  remote: https://rubygems.org/
  specs:
    colored (1.2)
    hirb (0.7.1)
    net-ssh (2.6.7)
    nokogiri (1.5.9)
    rake (10.0.4)

PLATFORMS
  ruby

DEPENDENCIES
  rake
  the_dude!
  the_dude-ssh!
