PATH
  remote: .
  specs:
    the_dude-ssh (0.0.1)
      net-ssh
      the_dude

PATH
  remote: ~/Projects/Development/Open Source/Ruby/Gems/TheDude/source/
  specs:
    the_dude (0.0.4)
      hirb

GEM
  remote: https://rubygems.org/
  specs:
    hirb (0.7.1)
    net-ssh (2.6.7)
    rake (10.0.4)

PLATFORMS
  ruby

DEPENDENCIES
  rake
  the_dude!
  the_dude-ssh!
